PATH
  remote: .
  specs:
    jump-starter (1.1.17)
      colorize
      commander
      nokogiri

GEM
  remote: https://rubygems.org/
  specs:
    colorize (0.8.1)
    commander (4.4.6)
      highline (~> 1.7.2)
    diff-lcs (1.3)
    highline (1.7.10)
    mini_portile2 (2.4.0)
    nokogiri (1.10.1)
      mini_portile2 (~> 2.4.0)
    rake (12.3.1)
    rspec (3.8.0)
      rspec-core (~> 3.8.0)
      rspec-expectations (~> 3.8.0)
      rspec-mocks (~> 3.8.0)
    rspec-core (3.8.0)
      rspec-support (~> 3.8.0)
    rspec-expectations (3.8.2)
      diff-lcs (>= 1.2.0, < 2.0)
      rspec-support (~> 3.8.0)
    rspec-mocks (3.8.0)
      diff-lcs (>= 1.2.0, < 2.0)
      rspec-support (~> 3.8.0)
    rspec-support (3.8.0)

PLATFORMS
  ruby

DEPENDENCIES
  jump-starter!
  rake
  rspec

BUNDLED WITH
   1.17.3
